GEM
  remote: https://rubygems.org/
  specs:
    builder (3.2.2)
    capybara (2.1.0)
      mime-types (>= 1.16)
      nokogiri (>= 1.3.3)
      rack (>= 1.0.0)
      rack-test (>= 0.5.4)
      xpath (~> 2.0)
    childprocess (0.3.9)
      ffi (~> 1.0, >= 1.0.11)
    cucumber (1.3.5)
      builder (>= 2.1.2)
      diff-lcs (>= 1.1.3)
      gherkin (~> 2.12.0)
      multi_json (~> 1.7.5)
      multi_test (>= 0.0.2)
    data_magic (0.16.1)
      faker (>= 1.1.2)
      yml_reader (>= 0.2)
    diff-lcs (1.2.4)
    faker (1.2.0)
      i18n (~> 0.5)
    ffi (1.9.0)
    gherkin (2.12.0)
      multi_json (~> 1.3)
    i18n (0.6.5)
    mime-types (1.23)
    mini_portile (0.5.1)
    multi_json (1.7.9)
    multi_test (0.0.2)
    nokogiri (1.6.0)
      mini_portile (~> 0.5.0)
    page-object (0.9.2)
      page_navigation (>= 0.8)
      selenium-webdriver (>= 2.35.0)
      watir-webdriver (>= 0.6.4)
    page_navigation (0.9)
      data_magic (>= 0.14)
    rack (1.5.2)
    rack-test (0.6.2)
      rack (>= 1.0)
    rake (10.1.0)
    rspec (2.14.0)
      rspec-core (~> 2.14.0)
      rspec-expectations (~> 2.14.0)
      rspec-mocks (~> 2.14.0)
    rspec-core (2.14.2)
    rspec-expectations (2.14.0)
      diff-lcs (>= 1.1.3, < 2.0)
    rspec-mocks (2.14.1)
    rubyzip (0.9.9)
    selenium-webdriver (2.35.1)
      childprocess (>= 0.2.5)
      multi_json (~> 1.0)
      rubyzip (< 1.0.0)
      websocket (~> 1.0.4)
    watir-webdriver (0.6.4)
      selenium-webdriver (>= 2.18.0)
    websocket (1.0.7)
    xpath (2.0.0)
      nokogiri (~> 1.3)
    yml_reader (0.2)

PLATFORMS
  ruby

DEPENDENCIES
  capybara
  cucumber
  data_magic
  faker
  page-object
  rake
  rspec
  selenium-webdriver
